GEM
  remote: https://rubygems.org/
  specs:
    daybreak (0.3.0)
    digest (0.0.1)
    flickraw (0.9.8)
    google-translate (1.1.2)
      json_pure (~> 1.8)
      resource_accessor (~> 1.2)
      thor (~> 0.19)
    json_pure (1.8.2)
    logger (1.2.8)
    resource_accessor (1.2.4)
    thor (0.19.1)
    thread (0.1.5)
    trollop (2.1.2)

PLATFORMS
  ruby

DEPENDENCIES
  daybreak
  digest
  flickraw
  google-translate
  logger
  thread
  trollop
